PATH
  remote: .
  specs:
    logwrapper (0.1.0)

GEM
  remote: https://rubygems.org/
  specs:
    minitest (5.10.3)
    rake (10.4.2)

PLATFORMS
  ruby

DEPENDENCIES
  bundler (~> 1.16)
  logwrapper!
  minitest (~> 5.0)
  rake (~> 10.0)

BUNDLED WITH
   1.16.2
